GEM
  remote: http://rubygems.org/
  specs:
    coderay (1.1.1)
    curb (0.9.3)
    geokit (1.10.0)
    json (1.8.1)
    method_source (0.8.2)
    pry (0.10.4)
      coderay (~> 1.1.0)
      method_source (~> 0.8.1)
      slop (~> 3.4)
    rake (10.5.0)
    slop (3.6.0)

PLATFORMS
  ruby

DEPENDENCIES
  curb
  geokit
  json
  pry
  rake (= 10.5.0)

BUNDLED WITH
   1.11.2
